FRAMEWORK: NET462
NUGET
  remote: https://www.nuget.org/api/v2
    canopy (1.6.1)
      FSharp.Core (>= 4.0.0.1)
      Selenium.WebDriver (>= 3.7)
    FAKE (4.64.4)
    FSharp.Core (4.2.3)
    Selenium.WebDriver (3.8)
    Selenium.WebDriver.ChromeDriver (2.35)
