FRAMEWORK: NET462
NUGET
  remote: https://www.nuget.org/api/v2
    canopy (1.2.3)
      FSharp.Core (>= 3.0.2)
      Selenium.WebDriver (>= 3.3)
    FAKE (4.58.6)
    FSharp.Core (4.1.12)
    Selenium.WebDriver (3.4)
    Selenium.WebDriver.ChromeDriver (2.29)
