NUGET
  remote: https://www.nuget.org/api/v2
    canopy (1.0)
      FSharp.Core (>= 3.0.2)
      Selenium.WebDriver (3.0)
    FAKE (4.45.1)
    FSharp.Core (4.0.0.1)
    Selenium.WebDriver (3.0)
    Selenium.WebDriver.ChromeDriver (2.25)
