NUGET
  remote: https://www.nuget.org/api/v2
    canopy (0.9.57)
      FSharp.Core (>= 3.0.2)
      Selenium.WebDriver (2.53.1)
    FAKE (4.34.5)
    FSharp.Core (4.0.0.1)
    Selenium.WebDriver (2.53.1)
    Selenium.WebDriver.ChromeDriver (2.22)
